GEM
  remote: https://rubygems.org/
  specs:
    diff-lcs (1.2.5)
    docile (1.1.5)
    gruff (0.7.0)
      rmagick (~> 2.13, >= 2.13.4)
    multi_json (1.11.2)
    pdf-core (0.6.1)
    prawn (2.1.0)
      pdf-core (~> 0.6.1)
      ttfunk (~> 1.4.0)
    rake (11.3.0)
    rmagick (2.16.0)
    rspec (3.0.0)
      rspec-core (~> 3.0.0)
      rspec-expectations (~> 3.0.0)
      rspec-mocks (~> 3.0.0)
    rspec-core (3.0.4)
      rspec-support (~> 3.0.0)
    rspec-expectations (3.0.4)
      diff-lcs (>= 1.2.0, < 2.0)
      rspec-support (~> 3.0.0)
    rspec-mocks (3.0.4)
      rspec-support (~> 3.0.0)
    rspec-support (3.0.4)
    simplecov (0.8.2)
      docile (~> 1.1.0)
      multi_json
      simplecov-html (~> 0.8.0)
    simplecov-html (0.8.0)
    ttfunk (1.4.0)

PLATFORMS
  ruby

DEPENDENCIES
  gruff
  prawn
  rake
  rspec
  simplecov
